PATH
  remote: .
  specs:
    booklab-sml (0.1.0)
      activesupport
      rouge

GEM
  remote: https://rubygems.org/
  specs:
    activesupport (5.2.2)
      concurrent-ruby (~> 1.0, >= 1.0.2)
      i18n (>= 0.7, < 2)
      minitest (~> 5.1)
      tzinfo (~> 1.1)
    concurrent-ruby (1.1.4)
    i18n (1.5.1)
      concurrent-ruby (~> 1.0)
    minitest (5.11.3)
    rake (12.3.2)
    rouge (3.3.0)
    thread_safe (0.3.6)
    tzinfo (1.2.5)
      thread_safe (~> 0.1)

PLATFORMS
  ruby

DEPENDENCIES
  booklab-sml!
  minitest
  rake

BUNDLED WITH
   1.17.2
